GEM
  remote: https://rubygems.org/
  specs:
    mini_portile2 (2.8.8)
    nokogiri (1.18.3)
      mini_portile2 (~> 2.8.2)
      racc (~> 1.4)
    nokogiri (1.18.3-aarch64-linux-gnu)
      racc (~> 1.4)
    racc (1.8.1)
    redcarpet (3.6.1)

PLATFORMS
  aarch64-linux
  ruby

DEPENDENCIES
  nokogiri (~> 1.18)
  redcarpet

BUNDLED WITH
   2.6.2
